GEM
  remote: https://rubygems.org/
  specs:
    ansi (1.5.0)
    ast (2.4.0)
    backports (3.11.1)
    coderay (1.1.2)
    cssminify (1.0.2)
    facets (3.1.0)
    ffi (1.9.18)
    method_source (0.9.0)
    multi_json (1.13.1)
    mustermann (1.0.1)
    oga (2.14)
      ast
      ruby-ll (~> 2.1)
    pry (0.11.3)
      coderay (~> 1.1.0)
      method_source (~> 0.9.0)
    rack (2.0.4)
    rack-protection (2.0.0)
      rack
    rb-fsevent (0.10.2)
    rb-inotify (0.9.10)
      ffi (>= 0.5.0, < 2)
    ruby-ll (2.1.2)
      ansi
      ast
    sass (3.5.5)
      sass-listen (~> 4.0.0)
    sass-listen (4.0.0)
      rb-fsevent (~> 0.9, >= 0.9.4)
      rb-inotify (~> 0.9, >= 0.9.7)
    sequel (5.5.0)
    sinatra (2.0.0)
      mustermann (~> 1.0)
      rack (~> 2.0)
      rack-protection (= 2.0.0)
      tilt (~> 2.0)
    sinatra-contrib (2.0.0)
      backports (>= 2.0)
      multi_json
      mustermann (~> 1.0)
      rack-protection (= 2.0.0)
      sinatra (= 2.0.0)
      tilt (>= 1.3, < 3)
    slim (3.0.9)
      temple (>= 0.7.6, < 0.9)
      tilt (>= 1.3.3, < 2.1)
    sqlite3 (1.3.13)
    temple (0.8.0)
    tilt (2.0.8)
    vueck (1.0.1)
      cssminify (~> 1.0, >= 1.0.2)
      oga (~> 2.9, >= 2.9.0)
      sass (~> 3.5, >= 3.5.5)
      slim (~> 3.0, >= 3.0.0)
      tilt (~> 2.0, >= 2.0.0)

PLATFORMS
  ruby

DEPENDENCIES
  facets
  pry
  sequel
  sinatra
  sinatra-contrib
  slim
  sqlite3
  vueck

BUNDLED WITH
   1.16.1
